GEM
  remote: http://rubygems.org/
  specs:
    next_muni (0.1.3)
    rack (1.3.2)
    sinatra (1.2.6)
      rack (~> 1.1)
      tilt (>= 1.2.2, < 2.0)
    tilt (1.3.3)

PLATFORMS
  ruby

DEPENDENCIES
  next_muni (= 0.1.3)
  sinatra (= 1.2.6)
